PATH
  remote: .
  specs:
    gauge-ruby (0.0.2)
      os (= 0.9.6)
      ruby-protocol-buffers (= 1.5.1)
      varint (= 0.1.0)

GEM
  remote: https://rubygems.org/
  specs:
    os (0.9.6)
    ruby-protocol-buffers (1.5.1)
    varint (0.1.0)

PLATFORMS
  ruby
  x64-mingw32

DEPENDENCIES
  gauge-ruby!
