PATH
  remote: .
  specs:
    gauge-ruby (0.0.4)
      method_source
      os (= 0.9.6)
      parser
      ruby-protocol-buffers (= 1.5.1)

GEM
  remote: https://rubygems.org/
  specs:
    ast (2.0.0)
    diff-lcs (1.2.5)
    method_source (0.8.2)
    os (0.9.6)
    parser (2.2.0.2)
      ast (>= 1.1, < 3.0)
    rspec (3.1.0)
      rspec-core (~> 3.1.0)
      rspec-expectations (~> 3.1.0)
      rspec-mocks (~> 3.1.0)
    rspec-core (3.1.7)
      rspec-support (~> 3.1.0)
    rspec-expectations (3.1.2)
      diff-lcs (>= 1.2.0, < 2.0)
      rspec-support (~> 3.1.0)
    rspec-mocks (3.1.3)
      rspec-support (~> 3.1.0)
    rspec-support (3.1.2)
    ruby-protocol-buffers (1.5.1)

PLATFORMS
  ruby
  x64-mingw32

DEPENDENCIES
  gauge-ruby!
  rspec
