PATH
  remote: .
  specs:
    gauge-ruby (0.0.3)
      os (= 0.9.6)
      ruby-protocol-buffers (= 1.5.1)

GEM
  remote: https://rubygems.org/
  specs:
    os (0.9.6)
    ruby-protocol-buffers (1.5.1)

PLATFORMS
  ruby
  x64-mingw32

DEPENDENCIES
  gauge-ruby!
