PATH
  remote: .
  specs:
    gauge-ruby (0.2.2)
      method_source (~> 0.8.2)
      os (= 0.9.6)
      parser (~> 2.3)
      ruby-protocol-buffers (= 1.5.1)

GEM
  remote: https://rubygems.org/
  specs:
    ast (2.3.0)
    diff-lcs (1.2.5)
    docile (1.1.5)
    json (1.8.3)
    method_source (0.8.2)
    os (0.9.6)
    parser (2.3.1.2)
      ast (~> 2.2)
    rspec (3.1.0)
      rspec-core (~> 3.1.0)
      rspec-expectations (~> 3.1.0)
      rspec-mocks (~> 3.1.0)
    rspec-core (3.1.7)
      rspec-support (~> 3.1.0)
    rspec-expectations (3.1.2)
      diff-lcs (>= 1.2.0, < 2.0)
      rspec-support (~> 3.1.0)
    rspec-mocks (3.1.3)
      rspec-support (~> 3.1.0)
    rspec-support (3.1.2)
    ruby-protocol-buffers (1.5.1)
    rubyzip (1.2.0)
    simplecov (0.11.2)
      docile (~> 1.1.0)
      json (~> 1.8)
      simplecov-html (~> 0.10.0)
    simplecov-html (0.10.0)
    yard (0.9.36)

PLATFORMS
  ruby
  x64-mingw32

DEPENDENCIES
  gauge-ruby!
  rspec
  rubyzip
  simplecov
  yard

BUNDLED WITH
   1.12.5